PATH
  remote: .
  specs:
    link-middleware (0.0.2)
      link_header
      rack
      redis
      sparql-client

GEM
  remote: http://rubygems.org/
  specs:
    addressable (2.3.5)
    crack (0.4.1)
      safe_yaml (~> 0.9.0)
    diff-lcs (1.2.5)
    docile (1.1.1)
    json (1.8.1)
    link_header (0.0.8)
    mock_redis (0.10.0)
    multi_json (1.8.2)
    net-http-persistent (2.8)
    rack (1.5.2)
    rdf (1.1.0)
    redis (3.0.6)
    rspec (2.14.1)
      rspec-core (~> 2.14.0)
      rspec-expectations (~> 2.14.0)
      rspec-mocks (~> 2.14.0)
    rspec-core (2.14.7)
    rspec-expectations (2.14.4)
      diff-lcs (>= 1.1.3, < 2.0)
    rspec-mocks (2.14.4)
    safe_yaml (0.9.7)
    simplecov (0.8.2)
      docile (~> 1.1.0)
      multi_json
      simplecov-html (~> 0.8.0)
    simplecov-html (0.8.0)
    simplecov-rcov (0.2.3)
      simplecov (>= 0.4.1)
    sparql-client (1.1.0)
      json (>= 1.8)
      net-http-persistent (>= 1.4)
      rdf (>= 1.1)
    webmock (1.16.0)
      addressable (>= 2.2.7)
      crack (>= 0.3.2)

PLATFORMS
  ruby

DEPENDENCIES
  link-middleware!
  mock_redis
  rspec
  simplecov-rcov
  webmock
